GEM
  remote: https://rubygems.org/
  specs:
    better_errors (2.9.1)
      coderay (>= 1.0.0)
      erubi (>= 1.0.0)
      rack (>= 0.9.0)
    binding_of_caller (1.0.0)
      debug_inspector (>= 0.0.1)
    coderay (1.1.3)
    debug_inspector (1.1.0)
    dotenv (2.7.6)
    erubi (1.10.0)
    faraday (0.17.4)
      multipart-post (>= 1.2, < 3)
    faraday_middleware (0.14.0)
      faraday (>= 0.7.4, < 1.0)
    hashie (4.1.0)
    interception (0.5)
    jwt (2.2.3)
    method_source (0.9.2)
    multi_json (1.15.0)
    multi_xml (0.6.0)
    multipart-post (2.1.1)
    mustermann (1.1.1)
      ruby2_keywords (~> 0.0.1)
    oauth2 (1.4.7)
      faraday (>= 0.8, < 2.0)
      jwt (>= 1.0, < 3.0)
      multi_json (~> 1.3)
      multi_xml (~> 0.5)
      rack (>= 1.2, < 3)
    omniauth (1.9.1)
      hashie (>= 3.4.6)
      rack (>= 1.6.2, < 3)
    omniauth-oauth2 (1.7.1)
      oauth2 (~> 1.4)
      omniauth (>= 1.9, < 3)
    omniauth-salesforce (1.0.5)
      omniauth (~> 1.0)
      omniauth-oauth2 (~> 1.0)
    pry (0.12.2)
      coderay (~> 1.1.0)
      method_source (~> 0.9.0)
    pry-nav (0.3.0)
      pry (>= 0.9.10, < 0.13.0)
    pry-rails (0.3.9)
      pry (>= 0.10.4)
    pry-remote (0.1.8)
      pry (~> 0.9)
      slop (~> 3.0)
    pry-rescue (1.5.2)
      interception (>= 0.5)
      pry (>= 0.12.0)
    pry-stack_explorer (0.4.9.3)
      binding_of_caller (>= 0.7)
      pry (>= 0.9.11)
    rack (2.2.3)
    rack-protection (2.1.0)
      rack
    rake (13.0.6)
    restforce (5.1.0)
      faraday (>= 0.9.0, <= 2.0)
      faraday_middleware (>= 0.8.8, <= 2.0)
      hashie (>= 1.2.0, < 5.0)
      jwt (>= 1.5.6)
    ruby2_keywords (0.0.5)
    sentry-raven (2.13.0)
      faraday (>= 0.7.6, < 1.0)
    sequel (5.48.0)
    simple_structured_logger (0.1.5)
    sinatra (2.1.0)
      mustermann (~> 1.0)
      rack (~> 2.2)
      rack-protection (= 2.1.0)
      tilt (~> 2.0)
    slop (3.6.0)
    stripe (5.38.0)
    tilt (2.0.10)

PLATFORMS
  ruby

DEPENDENCIES
  better_errors (~> 2.9.1)
  binding_of_caller (~> 1.0.0)
  dotenv
  omniauth-salesforce
  pry (~> 0.12.2)
  pry-nav (~> 0.3.0)
  pry-rails (~> 0.3.9)
  pry-remote (~> 0.1.8)
  pry-rescue (~> 1.5.2)
  pry-stack_explorer (~> 0.4.9.3)
  rake
  restforce
  sentry-raven (~> 2.13.0)
  sequel (= 5.48.0)
  simple_structured_logger
  sinatra
  stripe (~> 5.38.0)

RUBY VERSION
   ruby 2.6.8p205

BUNDLED WITH
   2.2.24
