GEM
  remote: https://rubygems.org/
  specs:
    actioncable (6.1.4.1)
      actionpack (= 6.1.4.1)
      activesupport (= 6.1.4.1)
      nio4r (~> 2.0)
      websocket-driver (>= 0.6.1)
    actionmailbox (6.1.4.1)
      actionpack (= 6.1.4.1)
      activejob (= 6.1.4.1)
      activerecord (= 6.1.4.1)
      activestorage (= 6.1.4.1)
      activesupport (= 6.1.4.1)
      mail (>= 2.7.1)
    actionmailer (6.1.4.1)
      actionpack (= 6.1.4.1)
      actionview (= 6.1.4.1)
      activejob (= 6.1.4.1)
      activesupport (= 6.1.4.1)
      mail (~> 2.5, >= 2.5.4)
      rails-dom-testing (~> 2.0)
    actionpack (6.1.4.1)
      actionview (= 6.1.4.1)
      activesupport (= 6.1.4.1)
      rack (~> 2.0, >= 2.0.9)
      rack-test (>= 0.6.3)
      rails-dom-testing (~> 2.0)
      rails-html-sanitizer (~> 1.0, >= 1.2.0)
    actiontext (6.1.4.1)
      actionpack (= 6.1.4.1)
      activerecord (= 6.1.4.1)
      activestorage (= 6.1.4.1)
      activesupport (= 6.1.4.1)
      nokogiri (>= 1.8.5)
    actionview (6.1.4.1)
      activesupport (= 6.1.4.1)
      builder (~> 3.1)
      erubi (~> 1.4)
      rails-dom-testing (~> 2.0)
      rails-html-sanitizer (~> 1.1, >= 1.2.0)
    activejob (6.1.4.1)
      activesupport (= 6.1.4.1)
      globalid (>= 0.3.6)
    activemodel (6.1.4.1)
      activesupport (= 6.1.4.1)
    activerecord (6.1.4.1)
      activemodel (= 6.1.4.1)
      activesupport (= 6.1.4.1)
    activestorage (6.1.4.1)
      actionpack (= 6.1.4.1)
      activejob (= 6.1.4.1)
      activerecord (= 6.1.4.1)
      activesupport (= 6.1.4.1)
      marcel (~> 1.0.0)
      mini_mime (>= 1.1.0)
    activesupport (6.1.4.1)
      concurrent-ruby (~> 1.0, >= 1.0.2)
      i18n (>= 1.6, < 2)
      minitest (>= 5.1)
      tzinfo (~> 2.0)
      zeitwerk (~> 2.3)
    addressable (2.8.0)
      public_suffix (>= 2.0.2, < 5.0)
    akami (1.3.1)
      gyoku (>= 0.4.0)
      nokogiri
    ansi (1.5.0)
    benchmark-ips (2.9.1)
    better_errors (2.9.1)
      coderay (>= 1.0.0)
      erubi (>= 1.0.0)
      rack (>= 0.9.0)
    bindex (0.8.1)
    binding_of_caller (1.0.0)
      debug_inspector (>= 0.0.1)
    brakeman (4.10.1)
    builder (3.2.4)
    bundler-audit (0.7.0.1)
      bundler (>= 1.2.0, < 3)
      thor (>= 0.18, < 2)
    capybara (3.35.3)
      addressable
      mini_mime (>= 0.1.3)
      nokogiri (~> 1.8)
      rack (>= 1.6.0)
      rack-test (>= 0.6.3)
      regexp_parser (>= 1.5, < 3.0)
      xpath (~> 3.2)
    capybara-screenshot (1.0.25)
      capybara (>= 1.0, < 4)
      launchy
    childprocess (3.0.0)
    coderay (1.1.3)
    concurrent-ruby (1.1.9)
    countries (3.0.1)
      i18n_data (~> 0.10.0)
      sixarm_ruby_unaccent (~> 1.1)
      unicode_utils (~> 1.4)
    crass (1.0.6)
    database_cleaner (1.7.0)
    debase (0.2.4.1)
      debase-ruby_core_source (>= 0.10.2)
    debase-ruby_core_source (0.10.12)
    debug_inspector (1.1.0)
    derailed_benchmarks (1.8.1)
      benchmark-ips (~> 2)
      get_process_mem (~> 0)
      heapy (~> 0)
      memory_profiler (~> 0)
      mini_histogram (>= 0.2.1)
      rack (>= 1)
      rake (> 10, < 14)
      ruby-statistics (>= 2.1)
      thor (>= 0.19, < 2)
    domain_name (0.5.20190701)
      unf (>= 0.0.5, < 1.0.0)
    dotenv (2.7.6)
    erubi (1.10.0)
    faraday (0.17.4)
      multipart-post (>= 1.2, < 3)
    faraday_middleware (0.14.0)
      faraday (>= 0.7.4, < 1.0)
    ffi (1.15.4)
    get_process_mem (0.2.7)
      ffi (~> 1.0)
    globalid (0.5.2)
      activesupport (>= 5.0)
    gyoku (1.3.1)
      builder (>= 2.1.2)
    hashie (4.1.0)
    heapy (0.2.0)
      thor
    http-cookie (1.0.4)
      domain_name (~> 0.5)
    httpi (2.4.5)
      rack
      socksify
    i18n (1.8.10)
      concurrent-ruby (~> 1.0)
    i18n_data (0.10.0)
    interception (0.5)
    jwt (2.2.3)
    launchy (2.5.0)
      addressable (~> 2.7)
    listen (3.1.5)
      rb-fsevent (~> 0.9, >= 0.9.4)
      rb-inotify (~> 0.9, >= 0.9.7)
      ruby_dep (~> 1.2)
    loofah (2.12.0)
      crass (~> 1.0.2)
      nokogiri (>= 1.5.9)
    mail (2.7.1)
      mini_mime (>= 0.1.1)
    marcel (1.0.1)
    memory_profiler (0.9.14)
    method_source (0.9.2)
    mime-types (3.3.1)
      mime-types-data (~> 3.2015)
    mime-types-data (3.2021.0901)
    mini_histogram (0.3.1)
    mini_mime (1.1.1)
    minitest (5.14.4)
    minitest-ci (3.4.0)
      minitest (>= 5.0.6)
    minitest-profile (0.0.2)
    minitest-rails (6.1.0)
      minitest (~> 5.10)
      railties (~> 6.1.0)
    minitest-reporters (1.4.3)
      ansi
      builder
      minitest (>= 5.0)
      ruby-progressbar
    mocha (1.13.0)
    money (6.13.8)
      i18n (>= 0.6.4, <= 2)
    multipart-post (2.1.1)
    netrc (0.11.0)
    nio4r (2.5.8)
    nokogiri (1.12.4-x86_64-darwin)
      racc (~> 1.4)
    nori (2.6.0)
    pry (0.12.2)
      coderay (~> 1.1.0)
      method_source (~> 0.9.0)
    pry-nav (0.3.0)
      pry (>= 0.9.10, < 0.13.0)
    pry-rails (0.3.9)
      pry (>= 0.10.4)
    pry-remote (0.1.8)
      pry (~> 0.9)
      slop (~> 3.0)
    pry-rescue (1.5.2)
      interception (>= 0.5)
      pry (>= 0.12.0)
    pry-stack_explorer (0.4.9.3)
      binding_of_caller (>= 0.7)
      pry (>= 0.9.11)
    public_suffix (4.0.6)
    racc (1.5.2)
    rack (2.2.3)
    rack-test (1.1.0)
      rack (>= 1.0, < 3)
    rails (6.1.4.1)
      actioncable (= 6.1.4.1)
      actionmailbox (= 6.1.4.1)
      actionmailer (= 6.1.4.1)
      actionpack (= 6.1.4.1)
      actiontext (= 6.1.4.1)
      actionview (= 6.1.4.1)
      activejob (= 6.1.4.1)
      activemodel (= 6.1.4.1)
      activerecord (= 6.1.4.1)
      activestorage (= 6.1.4.1)
      activesupport (= 6.1.4.1)
      bundler (>= 1.15.0)
      railties (= 6.1.4.1)
      sprockets-rails (>= 2.0.0)
    rails-dom-testing (2.0.3)
      activesupport (>= 4.2.0)
      nokogiri (>= 1.6)
    rails-html-sanitizer (1.4.2)
      loofah (~> 2.3)
    railties (6.1.4.1)
      actionpack (= 6.1.4.1)
      activesupport (= 6.1.4.1)
      method_source
      rake (>= 0.13)
      thor (~> 1.0)
    rake (13.0.6)
    rb-fsevent (0.11.0)
    rb-inotify (0.10.1)
      ffi (~> 1.0)
    redis (4.1.4)
    redis-namespace (1.8.0)
      redis (>= 3.0.4)
    regexp_parser (2.1.1)
    rest-client (2.0.2)
      http-cookie (>= 1.0.2, < 2.0)
      mime-types (>= 1.16, < 4.0)
      netrc (~> 0.8)
    restforce (5.1.0)
      faraday (>= 0.9.0, <= 2.0)
      faraday_middleware (>= 0.8.8, <= 2.0)
      hashie (>= 1.2.0, < 5.0)
      jwt (>= 1.5.6)
    ruby-debug-ide (0.7.2)
      rake (>= 0.8.1)
    ruby-progressbar (1.11.0)
    ruby-statistics (2.1.3)
    ruby_dep (1.5.0)
    rubyzip (1.3.0)
    savon (2.11.1)
      akami (~> 1.2)
      builder (>= 2.1.2)
      gyoku (~> 1.2)
      httpi (~> 2.3)
      nokogiri (>= 1.4.0)
      nori (~> 2.4)
      wasabi (~> 3.4)
    selenium-webdriver (3.142.7)
      childprocess (>= 0.5, < 4.0)
      rubyzip (>= 1.2.2)
    sentry-raven (2.13.0)
      faraday (>= 0.7.6, < 1.0)
    simple_structured_logger (0.1.5)
    sixarm_ruby_unaccent (1.2.0)
    slop (3.6.0)
    socksify (1.7.1)
    sorbet (0.5.6537)
      sorbet-static (= 0.5.6537)
    sorbet-runtime (0.5.6537)
    sorbet-static (0.5.6537-universal-darwin-20)
    spring (3.0.0)
    sprockets (4.0.2)
      concurrent-ruby (~> 1.0)
      rack (> 1, < 3)
    sprockets-rails (3.2.2)
      actionpack (>= 4.0)
      activesupport (>= 4.0)
      sprockets (>= 3.0.0)
    stripe (5.38.0)
    thor (1.1.0)
    tzinfo (2.0.4)
      concurrent-ruby (~> 1.0)
    unf (0.1.4)
      unf_ext
    unf_ext (0.0.8)
    unicode_utils (1.4.0)
    wasabi (3.6.1)
      addressable
      httpi (~> 2.0)
      nokogiri (>= 1.4.2)
    web-console (4.1.0)
      actionview (>= 6.0.0)
      activemodel (>= 6.0.0)
      bindex (>= 0.4.0)
      railties (>= 6.0.0)
    webdrivers (4.6.1)
      nokogiri (~> 1.6)
      rubyzip (>= 1.3.0)
      selenium-webdriver (>= 3.0, < 4.0)
    websocket-driver (0.7.5)
      websocket-extensions (>= 0.1.0)
    websocket-extensions (0.1.5)
    xpath (3.2.0)
      nokogiri (~> 1.8)
    zeitwerk (2.4.2)

PLATFORMS
  x86_64-darwin-20

DEPENDENCIES
  better_errors (~> 2.9.1)
  binding_of_caller (~> 1.0.0)
  brakeman (~> 4.10)
  bundler-audit (~> 0.7.0.1)
  capybara (~> 3.35.3)
  capybara-screenshot (~> 1.0.25)
  countries (~> 3.0.1)
  database_cleaner (~> 1.7.0)
  debase
  derailed_benchmarks (~> 1.8.1)
  dotenv
  listen (>= 3.0.5, < 3.2)
  minitest (~> 5.14.1)
  minitest-ci (~> 3.4.0)
  minitest-profile
  minitest-rails (~> 6.1.0)
  minitest-reporters (~> 1.4.2)
  mocha (~> 1.9)
  money (~> 6.13.8)
  pry (~> 0.12.2)
  pry-nav (~> 0.3.0)
  pry-rails (~> 0.3.9)
  pry-remote (~> 0.1.8)
  pry-rescue (~> 1.5.2)
  pry-stack_explorer (~> 0.4.9.3)
  rack-test (~> 1.1.0)
  rails (= 6.1.4.1)
  rake (~> 13.0.3)
  redis (~> 4.1.4)
  redis-namespace (= 1.8.0)
  rest-client (~> 2.0.2)
  restforce
  ruby-debug-ide
  rubyzip (~> 1.3.0)
  savon (= 2.11.1)
  selenium-webdriver (~> 3.142.7)
  sentry-raven (~> 2.13.0)
  simple_structured_logger
  sorbet
  sorbet-runtime
  spring
  stripe (~> 5.38.0)
  web-console (~> 4.1.0)
  webdrivers (~> 4.6.0)

RUBY VERSION
   ruby 2.6.8p205

BUNDLED WITH
   2.2.24
