GIT
  remote: https://github.com/nixme/pry-nav.git
  revision: b194339f4107585177a257195900da9243edcd7d
  specs:
    pry-nav (1.0.0)
      pry (>= 0.9.10, < 0.15)

GEM
  remote: https://rubygems.org/
  specs:
    better_errors (2.9.1)
      coderay (>= 1.0.0)
      erubi (>= 1.0.0)
      rack (>= 0.9.0)
    binding_of_caller (1.0.0)
      debug_inspector (>= 0.0.1)
    coderay (1.1.3)
    concurrent-ruby (1.1.9)
    debug_inspector (1.1.0)
    dotenv (2.7.6)
    erubi (1.10.0)
    faraday (1.8.0)
      faraday-em_http (~> 1.0)
      faraday-em_synchrony (~> 1.0)
      faraday-excon (~> 1.1)
      faraday-httpclient (~> 1.0.1)
      faraday-net_http (~> 1.0)
      faraday-net_http_persistent (~> 1.1)
      faraday-patron (~> 1.0)
      faraday-rack (~> 1.0)
      multipart-post (>= 1.2, < 3)
      ruby2_keywords (>= 0.0.4)
    faraday-em_http (1.0.0)
    faraday-em_synchrony (1.0.0)
    faraday-excon (1.1.0)
    faraday-httpclient (1.0.1)
    faraday-net_http (1.0.1)
    faraday-net_http_persistent (1.2.0)
    faraday-patron (1.0.0)
    faraday-rack (1.0.0)
    faraday_middleware (1.2.0)
      faraday (~> 1.0)
    hashie (4.1.0)
    interception (0.5)
    jwt (2.3.0)
    method_source (1.0.0)
    minitest (5.14.4)
    multi_json (1.15.0)
    multi_xml (0.6.0)
    multipart-post (2.1.1)
    mustermann (1.1.1)
      ruby2_keywords (~> 0.0.1)
    oauth2 (1.4.7)
      faraday (>= 0.8, < 2.0)
      jwt (>= 1.0, < 3.0)
      multi_json (~> 1.3)
      multi_xml (~> 0.5)
      rack (>= 1.2, < 3)
    omniauth (1.9.1)
      hashie (>= 3.4.6)
      rack (>= 1.6.2, < 3)
    omniauth-oauth2 (1.7.1)
      oauth2 (~> 1.4)
      omniauth (>= 1.9, < 3)
    omniauth-salesforce (1.0.5)
      omniauth (~> 1.0)
      omniauth-oauth2 (~> 1.0)
    omniauth-stripe (0.1.0)
      omniauth-oauth2
    pg (1.2.3)
    pry (0.14.1)
      coderay (~> 1.1)
      method_source (~> 1.0)
    pry-doc (1.2.0)
      pry (~> 0.11)
      yard (~> 0.9.11)
    pry-rescue (1.5.2)
      interception (>= 0.5)
      pry (>= 0.12.0)
    pry-stack_explorer (0.6.1)
      binding_of_caller (~> 1.0)
      pry (~> 0.13)
    rack (2.2.3)
    rack-protection (2.1.0)
      rack
    rake (13.0.6)
    restforce (5.1.1)
      faraday (>= 0.9.0, <= 2.0)
      faraday_middleware (>= 0.8.8, <= 2.0)
      hashie (>= 1.2.0, < 5.0)
      jwt (>= 1.5.6)
    ruby2_keywords (0.0.5)
    sentry-ruby (4.7.3)
      concurrent-ruby (~> 1.0, >= 1.0.2)
      faraday (>= 1.0)
      sentry-ruby-core (= 4.7.3)
    sentry-ruby-core (4.7.3)
      concurrent-ruby
      faraday
    sequel (5.49.0)
    simple_structured_logger (0.1.5)
    sinatra (2.1.0)
      mustermann (~> 1.0)
      rack (~> 2.2)
      rack-protection (= 2.1.0)
      tilt (~> 2.0)
    stripe (5.39.0)
    tilt (2.0.10)
    yard (0.9.26)

PLATFORMS
  ruby

DEPENDENCIES
  better_errors (~> 2.9.1)
  binding_of_caller (~> 1.0.0)
  dotenv
  minitest (~> 5.14.4)
  omniauth-salesforce
  omniauth-stripe
  pg (~> 1.2.3)
  pry (~> 0.14.1)
  pry-doc (~> 1.2.0)
  pry-nav!
  pry-rescue (~> 1.5.2)
  pry-stack_explorer (~> 0.6.1)
  rake
  restforce (~> 5.1.1)
  sentry-ruby
  sequel (= 5.49.0)
  simple_structured_logger
  sinatra
  stripe (~> 5.39.0)

RUBY VERSION
   ruby 2.6.8p205

BUNDLED WITH
   2.2.24
